GEM
  remote: https://rubygems.org/
  specs:
    faraday (0.9.2)
      multipart-post (>= 1.2, < 3)
    kgio (2.10.0)
    multipart-post (2.0.0)
    prometheus-client (0.5.0)
      quantile (~> 0.2.0)
    quantile (0.2.0)
    rack (1.6.4)
    raindrops (0.16.0)
    softbank-healthcare-client (0.0.3)
      faraday
    unicorn (5.1.0)
      kgio (~> 2.6)
      raindrops (~> 0.7)

PLATFORMS
  ruby

DEPENDENCIES
  prometheus-client
  rack
  softbank-healthcare-client
  unicorn

BUNDLED WITH
   1.12.5
